PATH
  remote: .
  specs:
    google_directions (0.1.5)
      extlib (>= 0.9.15)
      nokogiri (>= 1.4.1)

GEM
  remote: http://rubygems.org/
  specs:
    extlib (0.9.16)
    nokogiri (1.5.6)

PLATFORMS
  ruby

DEPENDENCIES
  google_directions!
